GEM
  remote: http://rubygems.org/
  specs:
    rack (1.5.2)
    rack-protection (1.3.2)
      rack
    sinatra (1.3.4)
      rack (~> 1.4)
      rack-protection (~> 1.3)
      tilt (~> 1.3, >= 1.3.3)
    tilt (1.3.7)
    xmpp4r (0.5)

PLATFORMS
  ruby

DEPENDENCIES
  sinatra
  xmpp4r
